

GROUP build
NUGET
  remote: https://www.nuget.org/api/v2
    Elasticsearch.Net (5.3) - restriction: == net45
    FAKE (5.0.0-alpha010)
    FSharp.Data (2.3.2)
      Zlib.Portable (>= 1.11) - restriction: || (&& (< net40) (>= portable-net45+win8)) (&& (< net40) (>= portable-net45+win8+sl5) (< portable-net45+win8+wp8+wpa81)) (&& (< net40) (< portable-net45+win8+sl5) (>= portable-net45+win8+wp8+wpa81))
    NEST (5.3) - restriction: == net45
      Elasticsearch.Net (>= 5.3 < 6.0) - restriction: || (&& (>= net45) (< netstandard13)) (&& (< net45) (>= netstandard13)) (>= net46)
      Newtonsoft.Json (>= 9.0 < 10.0) - restriction: || (&& (>= net45) (< netstandard13)) (&& (< net45) (>= netstandard13)) (>= net46)
    Newtonsoft.Json (9.0.1) - restriction: == net45
    Zlib.Portable (1.11) - restriction: || (&& (< net40) (>= portable-net45+win8)) (&& (< net40) (>= portable-net45+win8+sl5) (< portable-net45+win8+wp8+wpa81)) (&& (< net40) (< portable-net45+win8+sl5) (>= portable-net45+win8+wp8+wpa81))
